PATH
  remote: .
  specs:
    timex_datalink_client (0.3.1)
      crc (~> 0.4.2)
      rubyserial (~> 0.6.0)

GEM
  remote: https://rubygems.org/
  specs:
    backports (3.23.0)
    concurrent-ruby (1.1.10)
    crc (0.4.2)
    diff-lcs (1.5.0)
    ffi (1.15.5)
    rainbow (3.1.1)
    rspec (3.11.0)
      rspec-core (~> 3.11.0)
      rspec-expectations (~> 3.11.0)
      rspec-mocks (~> 3.11.0)
    rspec-core (3.11.0)
      rspec-support (~> 3.11.0)
    rspec-expectations (3.11.0)
      diff-lcs (>= 1.2.0, < 2.0)
      rspec-support (~> 3.11.0)
    rspec-mocks (3.11.1)
      diff-lcs (>= 1.2.0, < 2.0)
      rspec-support (~> 3.11.0)
    rspec-support (3.11.0)
    rubyserial (0.6.0)
      ffi (~> 1.9, >= 1.9.3)
    tzinfo (2.0.5)
      concurrent-ruby (~> 1.0)
    webrick (1.7.0)
    yard (0.9.28)
      webrick (~> 1.7.0)
    yard-junk (0.0.9)
      backports (>= 3.18)
      rainbow
      yard

PLATFORMS
  x86_64-linux

DEPENDENCIES
  rspec (~> 3.11.0)
  timex_datalink_client!
  tzinfo (~> 2.0.5)
  yard-junk (~> 0.0.9)

BUNDLED WITH
   2.3.20
