PATH
  remote: .
  specs:
    timex_datalink_client (0.1.0)

GEM
  remote: https://rubygems.org/
  specs:
    diff-lcs (1.5.0)
    rspec (3.11.0)
      rspec-core (~> 3.11.0)
      rspec-expectations (~> 3.11.0)
      rspec-mocks (~> 3.11.0)
    rspec-core (3.11.0)
      rspec-support (~> 3.11.0)
    rspec-expectations (3.11.0)
      diff-lcs (>= 1.2.0, < 2.0)
      rspec-support (~> 3.11.0)
    rspec-mocks (3.11.1)
      diff-lcs (>= 1.2.0, < 2.0)
      rspec-support (~> 3.11.0)
    rspec-support (3.11.0)

PLATFORMS
  x86_64-linux

DEPENDENCIES
  rspec (~> 3.11.0)
  timex_datalink_client!

BUNDLED WITH
   2.3.20
